GEM
  remote: https://rubygems.org/
  specs:
    base64 (0.3.0)
    dotenv (3.1.8)
    ffi (1.17.2-arm64-darwin)
    json (2.12.2)
    listen (3.9.0)
      rb-fsevent (~> 0.10, >= 0.10.3)
      rb-inotify (~> 0.9, >= 0.9.10)
    multi_json (1.15.0)
    mustermann (3.0.3)
      ruby2_keywords (~> 0.0.1)
    nio4r (2.7.4)
    puma (6.6.0)
      nio4r (~> 2.0)
    rack (2.2.17)
    rack-protection (3.2.0)
      base64 (>= 0.1.0)
      rack (~> 2.2, >= 2.2.4)
    rb-fsevent (0.11.2)
    rb-inotify (0.11.1)
      ffi (~> 1.0)
    rerun (0.14.0)
      listen (~> 3.0)
    ruby2_keywords (0.0.5)
    sinatra (3.2.0)
      mustermann (~> 3.0)
      rack (~> 2.2, >= 2.2.4)
      rack-protection (= 3.2.0)
      tilt (~> 2.0)
    sinatra-contrib (3.2.0)
      multi_json (>= 0.0.2)
      mustermann (~> 3.0)
      rack-protection (= 3.2.0)
      sinatra (= 3.2.0)
      tilt (~> 2.0)
    tilt (2.6.0)

PLATFORMS
  arm64-darwin-23

DEPENDENCIES
  dotenv (~> 3.1, >= 3.1.8)
  json (~> 2.6)
  puma (~> 6.0)
  rerun (~> 0.14)
  sinatra (~> 3.0)
  sinatra-contrib (~> 3.0)

RUBY VERSION
   ruby 3.0.7p220

BUNDLED WITH
   2.2.33
